NUGET
  remote: http://api.nuget.org/v3/index.json
  specs:
    FsPickler (2.1)
    FsRandom (1.3.3)
    Persimmon (1.1)
    Persimmon.Dried (2.0.1)
      FsPickler (>= 2.1)
      FsRandom (>= 1.3.3)
      Persimmon (>= 1.1)
      Persimmon.Dried.Gen (>= 2.0.1)
    Persimmon.Dried.Gen (2.0.1)
      FsRandom (>= 1.3.3)
      Persimmon (>= 1.1)

GROUP Build
NUGET
  remote: http://api.nuget.org/v3/index.json
  specs:
    FAKE (4.25.4)
    FAKE.Lib (4.25.4)
    FAKE.Persimmon (1.0.4)
      FAKE.Lib (>= 4.1)
      Persimmon.Console (>= 1.0.2)
    Microsoft.Bcl (1.1.10) - framework: net10, net11, net20, net30, net35, net40, net40-full
      Microsoft.Bcl.Build (>= 1.0.14)
    Microsoft.Bcl.Build (1.0.21) - import_targets: false, framework: net10, net11, net20, net30, net35, net40, net40-full
    Microsoft.Net.Http (2.2.29) - framework: net10, net11, net20, net30, net35, net40, net40-full
      Microsoft.Bcl (>= 1.1.10)
      Microsoft.Bcl.Build (>= 1.0.14)
    NuGet.CommandLine (3.4.3)
    Octokit (0.19)
      Microsoft.Net.Http  - framework: net10, net11, net20, net30, net35, net40, net40-full
    Persimmon.Console (1.1)
    SourceLink.Fake (1.1)
GITHUB
  remote: fsharp/FAKE
  specs:
    modules/Octokit/Octokit.fsx (db3139b0bf8a93047a68ca10f0135f1e94a10cae)
      Octokit