NUGET
  remote: http://api.nuget.org/v3/index.json
  specs:
    FAKE (4.9.5)
    FAKE.Lib (4.9.5)
    FAKE.Persimmon (1.0.2)
      FAKE.Lib (>= 4.1.0)
    FsPickler (1.6.2)
    FsRandom (1.3.3)
    Microsoft.Bcl (1.1.10)
      Microsoft.Bcl.Build (>= 1.0.14)
    Microsoft.Bcl.Build (1.0.21) - import_targets: false
    Microsoft.Net.Http (2.2.29)
      Microsoft.Bcl (>= 1.1.10)
      Microsoft.Bcl.Build (>= 1.0.14)
    Nuget.CommandLine (2.8.6)
    Octokit (0.16.0)
      Microsoft.Net.Http
    Persimmon (1.0.0)
    Persimmon.Console (1.0.0)
    Persimmon.Dried (1.2.0)
      FsPickler (>= 1.5.2)
      FsRandom (>= 1.3.3)
      Persimmon (>= 1.0.0)
    SourceLink.Fake (1.1.0)
GITHUB
  remote: fsharp/FAKE
  specs:
    modules/Octokit/Octokit.fsx (060734077d6eb55a0a86988a39468178b9d8dc19)
      Octokit